PATH
  remote: .
  specs:
    redisrpc (0.3.4)
      multi_json (~> 1.3)
      redis

GEM
  remote: http://rubygems.org/
  specs:
    multi_json (1.3.2)
    rake (0.9.2)
    redis (2.2.2)

PLATFORMS
  ruby

DEPENDENCIES
  bundler
  rake
  redisrpc!
